GEM
  remote: https://rubygems.org/
  specs:
    exifr (1.3.5)
    ffi (1.10.0)
    fspath (3.1.0)
    image_optim (0.26.3)
      exifr (~> 1.2, >= 1.2.2)
      fspath (~> 3.0)
      image_size (>= 1.5, < 3)
      in_threads (~> 1.3)
      progress (~> 3.0, >= 3.0.1)
    image_optim_pack (0.5.0.20180605)
      fspath (>= 2.1, < 4)
      image_optim (~> 0.19)
    image_size (2.0.0)
    in_threads (1.5.1)
    listen (3.1.5)
      rb-fsevent (~> 0.9, >= 0.9.4)
      rb-inotify (~> 0.9, >= 0.9.7)
      ruby_dep (~> 1.2)
    parallel (1.12.1)
    progress (3.5.0)
    rb-fsevent (0.10.3)
    rb-inotify (0.10.0)
      ffi (~> 1.0)
    ruby-progressbar (1.10.0)
    ruby_dep (1.5.0)

PLATFORMS
  ruby

DEPENDENCIES
  image_optim (~> 0.26.1)
  image_optim_pack (~> 0.5.0.20180419)
  listen (~> 3.1.5)
  parallel (~> 1.12)
  ruby-progressbar (~> 1.9)

BUNDLED WITH
   1.16.4
